GEM
  remote: http://rubygems.org/
  specs:
    ncursesw (1.2.4.3)

PLATFORMS
  ruby

DEPENDENCIES
  ncursesw
